PATH
  remote: .
  specs:
    postgres_key_value (0.1.0)

GEM
  remote: https://rubygems.org/
  specs:
    ast (2.4.2)
    byebug (11.1.3)
    dotenv (2.7.6)
    minitest (5.15.0)
    parallel (1.21.0)
    parser (3.1.1.0)
      ast (~> 2.4.1)
    pg (1.3.3)
    rainbow (3.1.1)
    rake (13.0.6)
    regexp_parser (2.2.1)
    rexml (3.2.5)
    rubocop (0.93.1)
      parallel (~> 1.10)
      parser (>= 2.7.1.5)
      rainbow (>= 2.2.2, < 4.0)
      regexp_parser (>= 1.8)
      rexml
      rubocop-ast (>= 0.6.0)
      ruby-progressbar (~> 1.7)
      unicode-display_width (>= 1.4.0, < 2.0)
    rubocop-ast (1.16.0)
      parser (>= 3.1.1.0)
    ruby-progressbar (1.11.0)
    unicode-display_width (1.8.0)

PLATFORMS
  x86_64-linux

DEPENDENCIES
  byebug
  dotenv (~> 2.7.6)
  minitest (~> 5.0)
  pg (~> 1)
  postgres_key_value!
  rake (~> 13.0)
  rubocop (~> 0.80)

BUNDLED WITH
   2.2.3
